PATH
  remote: .
  specs:
    slack-ruby-block-kit (0.24.0)
      zeitwerk (~> 2.6)

GEM
  remote: https://rubygems.org/
  specs:
    ast (2.4.2)
    coderay (1.1.3)
    debug (1.9.1)
      irb (~> 1.10)
      reline (>= 0.3.8)
    diff-lcs (1.5.1)
    docile (1.4.0)
    dotenv (2.8.1)
    faraday (1.10.3)
      faraday-em_http (~> 1.0)
      faraday-em_synchrony (~> 1.0)
      faraday-excon (~> 1.1)
      faraday-httpclient (~> 1.0)
      faraday-multipart (~> 1.0)
      faraday-net_http (~> 1.0)
      faraday-net_http_persistent (~> 1.0)
      faraday-patron (~> 1.0)
      faraday-rack (~> 1.0)
      faraday-retry (~> 1.0)
      ruby2_keywords (>= 0.0.4)
    faraday-em_http (1.0.0)
    faraday-em_synchrony (1.0.0)
    faraday-excon (1.1.0)
    faraday-httpclient (1.0.1)
    faraday-multipart (1.0.4)
      multipart-post (~> 2)
    faraday-net_http (1.0.1)
    faraday-net_http_persistent (1.2.0)
    faraday-patron (1.0.0)
    faraday-rack (1.0.0)
    faraday-retry (1.0.3)
    ffi (1.16.3)
    io-console (0.7.2)
    irb (1.12.0)
      rdoc
      reline (>= 0.4.2)
    listen (3.9.0)
      rb-fsevent (~> 0.10, >= 0.10.3)
      rb-inotify (~> 0.9, >= 0.9.10)
    method_source (1.0.0)
    multipart-post (2.3.0)
    observer (0.1.2)
    parallel (1.22.1)
    parser (3.1.2.0)
      ast (~> 2.4.1)
    pry (0.14.2)
      coderay (~> 1.1)
      method_source (~> 1.0)
    psych (5.1.2)
      stringio
    racc (1.7.3)
    rainbow (3.1.1)
    rake (13.2.1)
    rb-fsevent (0.11.2)
    rb-inotify (0.10.1)
      ffi (~> 1.0)
    rdoc (6.6.3.1)
      psych (>= 4.0.0)
    regexp_parser (2.3.1)
    reline (0.4.3)
      io-console (~> 0.5)
    retest (1.13.2)
      listen (~> 3.9)
      observer (~> 0.1)
      string-similarity (~> 2.1)
      tty-option (~> 0.1)
    rexml (3.2.5)
    rspec (3.13.0)
      rspec-core (~> 3.13.0)
      rspec-expectations (~> 3.13.0)
      rspec-mocks (~> 3.13.0)
    rspec-core (3.13.0)
      rspec-support (~> 3.13.0)
    rspec-expectations (3.13.0)
      diff-lcs (>= 1.2.0, < 2.0)
      rspec-support (~> 3.13.0)
    rspec-mocks (3.13.0)
      diff-lcs (>= 1.2.0, < 2.0)
      rspec-support (~> 3.13.0)
    rspec-support (3.13.0)
    rspec_junit_formatter (0.6.0)
      rspec-core (>= 2, < 4, != 2.12.0)
    rubocop (1.28.2)
      parallel (~> 1.10)
      parser (>= 3.1.0.0)
      rainbow (>= 2.2.2, < 4.0)
      regexp_parser (>= 1.8, < 3.0)
      rexml
      rubocop-ast (>= 1.17.0, < 2.0)
      ruby-progressbar (~> 1.7)
      unicode-display_width (>= 1.4.0, < 3.0)
    rubocop-ast (1.17.0)
      parser (>= 3.1.1.0)
    rubocop-rake (0.6.0)
      rubocop (~> 1.0)
    rubocop-rspec (2.10.0)
      rubocop (~> 1.19)
    ruby-progressbar (1.11.0)
    ruby2_keywords (0.0.5)
    simplecov (0.22.0)
      docile (~> 1.1)
      simplecov-html (~> 0.11)
      simplecov_json_formatter (~> 0.1)
    simplecov-cobertura (2.1.0)
      rexml
      simplecov (~> 0.19)
    simplecov-html (0.12.3)
    simplecov_json_formatter (0.1.4)
    string-similarity (2.1.0)
    stringio (3.1.0)
    tty-option (0.3.0)
    unicode-display_width (2.1.0)
    zeitwerk (2.6.14)

PLATFORMS
  ruby
  x86_64-darwin-19
  x86_64-darwin-23
  x86_64-linux

DEPENDENCIES
  debug (~> 1.9)
  dotenv (~> 2)
  faraday (~> 1)
  pry (~> 0.14)
  racc
  rake (~> 13)
  retest (~> 1.13)
  rspec (~> 3)
  rspec_junit_formatter (~> 0.6)
  rubocop (~> 1)
  rubocop-rake (~> 0.6)
  rubocop-rspec (~> 2)
  simplecov (~> 0.22)
  simplecov-cobertura
  slack-ruby-block-kit!

BUNDLED WITH
   2.4.18
